GEM
  remote: http://rubygems.org/
  specs:
    activesupport (3.0.0.rc2)
    diff-lcs (1.1.2)
    rack (1.2.1)
    rspec (2.0.0.beta.20)
      rspec-core (= 2.0.0.beta.20)
      rspec-expectations (= 2.0.0.beta.20)
      rspec-mocks (= 2.0.0.beta.20)
    rspec-core (2.0.0.beta.20)
    rspec-expectations (2.0.0.beta.20)
      diff-lcs (>= 1.1.2)
    rspec-mocks (2.0.0.beta.20)
    test-construct (1.2.0)

PLATFORMS
  ruby

DEPENDENCIES
  activesupport (~> 3.0.0.rc2)
  rack (~> 1.2.1)
  rspec (~> 2.0.0.beta.20)
  test-construct (~> 1.2.0)
