PATH
  remote: .
  specs:
    rack-pack (0.2.2)
      rack (~> 1.2.1)

GEM
  remote: http://rubygems.org/
  specs:
    activesupport (3.0.1)
    closure-compiler (0.3.3)
    diff-lcs (1.1.2)
    jsmin (1.0.1)
    oyster (0.9.4)
    packr (3.1.0)
      oyster
    rack (1.2.1)
    rainpress (1.0)
    rspec (2.0.1)
      rspec-core (~> 2.0.1)
      rspec-expectations (~> 2.0.1)
      rspec-mocks (~> 2.0.1)
    rspec-core (2.0.1)
    rspec-expectations (2.0.1)
      diff-lcs (>= 1.1.2)
    rspec-mocks (2.0.1)
      rspec-core (~> 2.0.1)
      rspec-expectations (~> 2.0.1)
    test-construct (1.2.0)
    yui-compressor (0.9.1)

PLATFORMS
  ruby

DEPENDENCIES
  activesupport (~> 3.0.0)
  closure-compiler (~> 0.3.2)
  jsmin (~> 1.0.1)
  packr (~> 3.1.0)
  rack (~> 1.2.1)
  rack-pack!
  rainpress (~> 1.0.0)
  rspec (~> 2.0.0)
  test-construct (~> 1.2.0)
  yui-compressor (~> 0.9.1)
