PATH
  remote: .
  specs:
    rack-pack (0.1.0)
      rack (~> 1.2.1)

GEM
  remote: http://rubygems.org/
  specs:
    activesupport (3.0.0.rc2)
    diff-lcs (1.1.2)
    jsmin (1.0.1)
    oyster (0.9.4)
    packr (3.1.0)
      oyster
    rack (1.2.1)
    rspec (2.0.0.beta.20)
      rspec-core (= 2.0.0.beta.20)
      rspec-expectations (= 2.0.0.beta.20)
      rspec-mocks (= 2.0.0.beta.20)
    rspec-core (2.0.0.beta.20)
    rspec-expectations (2.0.0.beta.20)
      diff-lcs (>= 1.1.2)
    rspec-mocks (2.0.0.beta.20)
    test-construct (1.2.0)

PLATFORMS
  ruby

DEPENDENCIES
  activesupport (~> 3.0.0.rc2)
  jsmin (~> 1.0.1)
  packr (~> 3.1.0)
  rack (~> 1.2.1)
  rack-pack!
  rspec (~> 2.0.0.beta.20)
  test-construct (~> 1.2.0)
